GEM
  remote: https://rubygems.org/
  specs:
    concurrent-ruby (1.1.5)
    concurrent-ruby-edge (0.4.1)
      concurrent-ruby (~> 1.1.1)
    diff-lcs (1.3)
    etcd (0.3.0)
      mixlib-log
    hanami-utils (1.3.5)
      concurrent-ruby (~> 1.0)
      transproc (~> 1.0)
    hanami-view (1.3.2)
      hanami-utils (~> 1.3)
      tilt (~> 2.0, >= 2.0.1)
    mixlib-log (3.0.8)
    rspec (3.9.0)
      rspec-core (~> 3.9.0)
      rspec-expectations (~> 3.9.0)
      rspec-mocks (~> 3.9.0)
    rspec-core (3.9.1)
      rspec-support (~> 3.9.1)
    rspec-expectations (3.9.0)
      diff-lcs (>= 1.2.0, < 2.0)
      rspec-support (~> 3.9.0)
    rspec-mocks (3.9.1)
      diff-lcs (>= 1.2.0, < 2.0)
      rspec-support (~> 3.9.0)
    rspec-support (3.9.2)
    tilt (2.0.10)
    transproc (1.1.1)

PLATFORMS
  ruby

DEPENDENCIES
  concurrent-ruby (~> 1.0)
  concurrent-ruby-edge (~> 0.4.1)
  etcd (~> 0.3.0)
  hanami-view (~> 1.3.1)
  rspec

BUNDLED WITH
   2.0.2
